PATH
  remote: .
  specs:
    pagarme_core_api (5.7.6)
      certifi (~> 2016)
      faraday (~> 1.10.3)
      faraday-http-cache (= 2.2.0)
      faraday_middleware (~> 1.0)
      logging (~> 2.0)
      test-unit (~> 3.1, >= 3.1.5)

GEM
  remote: https://rubygems.org/
  specs:
    certifi (2016.09.26)
    faraday (1.10.3)
      faraday-em_http (~> 1.0)
      faraday-em_synchrony (~> 1.0)
      faraday-excon (~> 1.1)
      faraday-httpclient (~> 1.0)
      faraday-multipart (~> 1.0)
      faraday-net_http (~> 1.0)
      faraday-net_http_persistent (~> 1.0)
      faraday-patron (~> 1.0)
      faraday-rack (~> 1.0)
      faraday-retry (~> 1.0)
      ruby2_keywords (>= 0.0.4)
    faraday-em_http (1.0.0)
    faraday-em_synchrony (1.0.0)
    faraday-excon (1.1.0)
    faraday-http-cache (2.2.0)
      faraday (>= 0.8)
    faraday-httpclient (1.0.1)
    faraday-multipart (1.0.4)
      multipart-post (~> 2)
    faraday-net_http (1.0.1)
    faraday-net_http_persistent (1.2.0)
    faraday-patron (1.0.0)
    faraday-rack (1.0.0)
    faraday-retry (1.0.3)
    faraday_middleware (1.2.0)
      faraday (~> 1.0)
    little-plugger (1.1.4)
    logging (2.3.1)
      little-plugger (~> 1.1)
      multi_json (~> 1.14)
    multi_json (1.15.0)
    multipart-post (2.4.0)
    power_assert (2.0.3)
    rake (13.2.1)
    ruby2_keywords (0.0.5)
    test-unit (3.6.2)
      power_assert

PLATFORMS
  arm64-darwin-23
  ruby

DEPENDENCIES
  pagarme_core_api!
  rake

BUNDLED WITH
   2.5.5
