PATH
  remote: .
  specs:
    pagarme_core_api (5.7.5)
      certifi (~> 2016)
      faraday (~> 0.10)
      faraday-http-cache (~> 1.2, >= 1.2.2)
      faraday_middleware (~> 0.13.1)
      logging (~> 2.0)
      test-unit (~> 3.1, >= 3.1.5)

GEM
  remote: https://rubygems.org/
  specs:
    certifi (2016.09.26)
    faraday (0.17.6)
      multipart-post (>= 1.2, < 3)
    faraday-http-cache (1.3.1)
      faraday (~> 0.8)
    faraday_middleware (0.13.1)
      faraday (>= 0.7.4, < 1.0)
    little-plugger (1.1.4)
    logging (2.3.1)
      little-plugger (~> 1.1)
      multi_json (~> 1.14)
    multi_json (1.15.0)
    multipart-post (2.4.0)
    power_assert (2.0.3)
    rake (13.2.1)
    test-unit (3.6.2)
      power_assert

PLATFORMS
  arm64-darwin-23
  ruby

DEPENDENCIES
  pagarme_core_api!
  rake

BUNDLED WITH
   2.5.5
